GEM
  remote: https://rubygems.org/
  specs:
    activesupport (6.0.2.1)
      concurrent-ruby (~> 1.0, >= 1.0.2)
      i18n (>= 0.7, < 2)
      minitest (~> 5.1)
      tzinfo (~> 1.1)
      zeitwerk (~> 2.2)
    ast (2.4.0)
    builder (3.2.4)
    byebug (11.1.1)
    concurrent-ruby (1.1.6)
    database_cleaner (1.8.3)
    diff-lcs (1.3)
    docile (1.3.2)
    dry-configurable (0.11.2)
      concurrent-ruby (~> 1.0)
      dry-core (~> 0.4, >= 0.4.7)
      dry-equalizer (~> 0.2)
    dry-container (0.7.2)
      concurrent-ruby (~> 1.0)
      dry-configurable (~> 0.1, >= 0.1.3)
    dry-core (0.4.9)
      concurrent-ruby (~> 1.0)
    dry-equalizer (0.3.0)
    dry-inflector (0.2.0)
    dry-logic (1.0.6)
      concurrent-ruby (~> 1.0)
      dry-core (~> 0.2)
      dry-equalizer (~> 0.2)
    dry-types (1.3.1)
      concurrent-ruby (~> 1.0)
      dry-container (~> 0.3)
      dry-core (~> 0.4, >= 0.4.4)
      dry-equalizer (~> 0.3)
      dry-inflector (~> 0.1, >= 0.1.2)
      dry-logic (~> 1.0, >= 1.0.2)
    factory_bot (5.1.1)
      activesupport (>= 4.2.0)
    grape (1.3.0)
      activesupport
      builder
      dry-types (>= 1.1)
      mustermann-grape (~> 1.0.0)
      rack (>= 1.3.0)
      rack-accept
    grape-entity (0.8.0)
      activesupport (>= 3.0.0)
      multi_json (>= 1.3.2)
    grape_logging (1.8.3)
      grape
      rack
    i18n (1.8.2)
      concurrent-ruby (~> 1.0)
    jaro_winkler (1.5.4)
    minitest (5.14.0)
    multi_json (1.14.1)
    mustermann (1.1.1)
      ruby2_keywords (~> 0.0.1)
    mustermann-grape (1.0.1)
      mustermann (>= 1.0.0)
    nio4r (2.5.2)
    parallel (1.19.1)
    parser (2.7.0.2)
      ast (~> 2.4.0)
    pg (1.2.2)
    puma (4.3.1)
      nio4r (~> 2.0)
    rack (2.2.2)
    rack-accept (0.4.5)
      rack (>= 0.4)
    rack-cors (1.1.1)
      rack (>= 2.0.0)
    rack-test (1.1.0)
      rack (>= 1.0, < 3)
    racksh (1.0.0)
      rack (>= 1.0)
      rack-test (>= 0.5)
    rainbow (3.0.0)
    rake (13.0.1)
    require_smasher (0.4.1)
    rexml (3.2.4)
    rspec (3.9.0)
      rspec-core (~> 3.9.0)
      rspec-expectations (~> 3.9.0)
      rspec-mocks (~> 3.9.0)
    rspec-core (3.9.1)
      rspec-support (~> 3.9.1)
    rspec-expectations (3.9.0)
      diff-lcs (>= 1.2.0, < 2.0)
      rspec-support (~> 3.9.0)
    rspec-mocks (3.9.1)
      diff-lcs (>= 1.2.0, < 2.0)
      rspec-support (~> 3.9.0)
    rspec-support (3.9.2)
    rubocop (0.80.0)
      jaro_winkler (~> 1.5.1)
      parallel (~> 1.10)
      parser (>= 2.7.0.1)
      rainbow (>= 2.2.2, < 4.0)
      rexml
      ruby-progressbar (~> 1.7)
      unicode-display_width (>= 1.4.0, < 1.7)
    ruby-progressbar (1.10.1)
    ruby2_keywords (0.0.2)
    sequel (5.29.0)
    simplecov (0.18.2)
      docile (~> 1.1)
      simplecov-html (~> 0.11)
    simplecov-html (0.12.0)
    thread_safe (0.3.6)
    tzinfo (1.2.6)
      thread_safe (~> 0.1)
    unicode-display_width (1.6.1)
    zeitwerk (2.2.2)

PLATFORMS
  ruby

DEPENDENCIES
  byebug (~> 11.1, >= 11.1.1)
  database_cleaner (~> 1.8, >= 1.8.3)
  factory_bot (~> 5.1, >= 5.1.1)
  grape (~> 1.3)
  grape-entity (~> 0.8.0)
  grape_logging (~> 1.8, >= 1.8.3)
  pg (~> 1.2, >= 1.2.2)
  puma (~> 4.3)
  rack-cors (~> 1.1, >= 1.1.1)
  rack-test (~> 1.1)
  racksh (~> 1.0)
  rake (~> 13.0, >= 13.0.1)
  require_smasher (~> 0.4.1)
  rspec (~> 3.9)
  rubocop (~> 0.80.0)
  sequel (~> 5.29)
  simplecov (~> 0.18.2)

RUBY VERSION
   ruby 2.6.4p104

BUNDLED WITH
   2.0.2
